PATH
  remote: .
  specs:
    weasyprint (0.1.0)

GEM
  remote: https://rubygems.org/
  specs:
    activesupport (6.1.5)
      concurrent-ruby (~> 1.0, >= 1.0.2)
      i18n (>= 1.6, < 2)
      minitest (>= 5.1)
      tzinfo (~> 2.0)
      zeitwerk (~> 2.3)
    coderay (1.1.3)
    concurrent-ruby (1.1.9)
    diff-lcs (1.5.0)
    i18n (1.10.0)
      concurrent-ruby (~> 1.0)
    json (1.8.6)
    method_source (1.0.0)
    minitest (5.15.0)
    mocha (1.13.0)
    pry (0.14.1)
      coderay (~> 1.1)
      method_source (~> 1.0)
    rack (2.2.3)
    rack-test (1.1.0)
      rack (>= 1.0, < 3)
    rake (0.9.6)
    rdoc (4.0.1)
      json (~> 1.4)
    rspec (2.14.1)
      rspec-core (~> 2.14.0)
      rspec-expectations (~> 2.14.0)
      rspec-mocks (~> 2.14.0)
    rspec-core (2.14.8)
    rspec-expectations (2.14.5)
      diff-lcs (>= 1.1.3, < 2.0)
    rspec-mocks (2.14.6)
    tzinfo (2.0.4)
      concurrent-ruby (~> 1.0)
    zeitwerk (2.5.4)

PLATFORMS
  arm64-darwin-21
  ruby

DEPENDENCIES
  activesupport (>= 3.0.8)
  mocha (>= 0.9.10)
  pry
  rack-test (>= 0.5.6)
  rake (~> 0.9.2)
  rdoc (~> 4.0.1)
  rspec (~> 2.14.0)
  weasyprint!

BUNDLED WITH
   2.3.8
