PATH
  remote: .
  specs:
    weasyprint (0.1.0)

GEM
  remote: https://rubygems.org/
  specs:
    activesupport (4.1.4)
      i18n (~> 0.6, >= 0.6.9)
      json (~> 1.7, >= 1.7.7)
      minitest (~> 5.1)
      thread_safe (~> 0.1)
      tzinfo (~> 1.1)
    diff-lcs (1.5.0)
    i18n (0.6.11)
    json (1.8.6)
    metaclass (0.0.4)
    minitest (5.4.0)
    mocha (1.1.0)
      metaclass (~> 0.0.1)
    rack (1.5.2)
    rack-test (0.6.2)
      rack (>= 1.0)
    rake (0.9.6)
    rdoc (4.0.1)
      json (~> 1.4)
    rspec (3.10.0)
      rspec-core (~> 3.10.0)
      rspec-expectations (~> 3.10.0)
      rspec-mocks (~> 3.10.0)
    rspec-core (3.10.2)
      rspec-support (~> 3.10.0)
    rspec-expectations (3.10.2)
      diff-lcs (>= 1.2.0, < 2.0)
      rspec-support (~> 3.10.0)
    rspec-mocks (3.10.3)
      diff-lcs (>= 1.2.0, < 2.0)
      rspec-support (~> 3.10.0)
    rspec-support (3.10.3)
    thread_safe (0.3.4)
    tzinfo (1.2.1)
      thread_safe (~> 0.1)

PLATFORMS
  ruby

DEPENDENCIES
  activesupport (>= 3.0.8)
  mocha (>= 0.9.10)
  rack-test (>= 0.5.6)
  rake (~> 0.9.2)
  rdoc (~> 4.0.1)
  rspec (~> 3.10.0)
  weasyprint!

BUNDLED WITH
   2.3.6
